GIT
  remote: gitolite@sg-one:semgap/sg-gem.git
  revision: b7b343dfbf841944c920551429d202f72e87360c
  specs:
    sg (0.2.0)
      rake (~> 13.0.0)
      unicode-display_width (~> 2.5.0)
      unicode-emoji (~> 3.4.0)

PATH
  remote: .
  specs:
    nostr (0.1.0)
      bech32
      bip-schnorr
      rake
      sg
      unicode-display_width
      unicode-emoji

GEM
  remote: https://rubygems.org/
  specs:
    bech32 (1.4.2)
      thor (>= 1.1.0)
    bip-schnorr (0.7.0)
      ecdsa_ext (~> 0.5.0)
    ecdsa (1.2.0)
    ecdsa_ext (0.5.1)
      ecdsa (~> 1.2.0)
    rake (13.0.6)
    thor (1.3.1)
    unicode-display_width (2.5.0)
    unicode-emoji (3.4.0)
      unicode-version (~> 1.0)
    unicode-version (1.4.0)

PLATFORMS
  aarch64-linux-android
  x86_64-linux

DEPENDENCIES
  nostr!
  sg!

BUNDLED WITH
   2.4.15
